PATH
  remote: .
  specs:
    sinatra-r18n (0.4.11)
      r18n-core (= 0.4.11)
      sinatra (>= 1.3)

PATH
  remote: ../r18n-core/
  specs:
    r18n-core (0.4.11)

GEM
  remote: http://rubygems.org/
  specs:
    diff-lcs (1.1.3)
    haml (2.2.24)
    hanna (0.1.12)
      haml (~> 2.2.8)
      rake (~> 0.8.2)
      rdoc (~> 2.3.0)
    psych (1.2.1)
    rack (1.3.4)
    rack-protection (1.1.2)
      rack
    rack-test (0.6.1)
      rack (>= 1.0)
    rake (0.8.7)
    rcov (0.9.10)
    rdoc (2.3.0)
    rspec-core (2.6.4)
    rspec-expectations (2.6.0)
      diff-lcs (~> 1.1.2)
    rspec-mocks (2.6.0)
    sinatra (1.3.0)
      rack (~> 1.3)
      rack-protection (~> 1.1)
      tilt (~> 1.3)
    tilt (1.3.3)

PLATFORMS
  ruby

DEPENDENCIES
  bundler (>= 1.0.10)
  hanna
  psych
  r18n-core!
  rack-test
  rake (>= 0, != 0.9.0)
  rcov
  rspec-core
  rspec-expectations
  rspec-mocks
  sinatra-r18n!
